GEM
  remote: https://rubygems.org/
  specs:
    addressable (2.3.5)
    builder (3.2.2)
    coderay (1.0.8)
    faraday (0.8.7)
      multipart-post (~> 1.1)
    ffi (1.9.0)
    ffi (1.9.0-java)
    git (1.2.6)
    github_api (0.10.1)
      addressable
      faraday (~> 0.8.1)
      hashie (>= 1.2)
      multi_json (~> 1.4)
      nokogiri (~> 1.5.2)
      oauth2
    guard (1.5.4)
      listen (>= 0.4.2)
      lumberjack (>= 1.0.2)
      pry (>= 0.9.10)
      thor (>= 0.14.6)
    guard-minitest (0.5.0)
      guard (>= 0.4)
    hashie (2.0.5)
    highline (1.6.19)
    httpauth (0.2.0)
    jeweler (1.8.7)
      builder
      bundler (~> 1.0)
      git (>= 1.2.5)
      github_api (= 0.10.1)
      highline (>= 1.6.15)
      nokogiri (= 1.5.10)
      rake
      rdoc
    json (1.8.0-java)
    jwt (0.1.8)
      multi_json (>= 1.5)
    listen (0.5.3)
    lumberjack (1.0.2)
    method_source (0.8.1)
    multi_json (1.8.0)
    multi_xml (0.5.5)
    multipart-post (1.1.5)
    nokogiri (1.5.10-java)
    oauth2 (0.9.2)
      faraday (~> 0.8)
      httpauth (~> 0.2)
      jwt (~> 0.1.4)
      multi_json (~> 1.0)
      multi_xml (~> 0.5)
      rack (~> 1.2)
    pry (0.9.10)
      coderay (~> 1.0.5)
      method_source (~> 0.8)
      slop (~> 3.3.1)
    pry (0.9.10-java)
      coderay (~> 1.0.5)
      method_source (~> 0.8)
      slop (~> 3.3.1)
      spoon (~> 0.0)
    rack (1.4.5)
    rake (10.1.0)
    rcov (0.9.11)
    rcov (0.9.11-java)
    rdoc (4.0.1)
      json (~> 1.4)
    slop (3.3.3)
    spoon (0.0.4)
      ffi
    thor (0.16.0)

PLATFORMS
  java

DEPENDENCIES
  guard
  guard-minitest
  jeweler
  multipart-post
  pry
  rack (>= 1.4.1)
  rcov
  spoon (~> 0.0.4)
