GEM
  remote: http://rubygems.org/
  specs:
    git (1.2.5)
    jeweler (1.8.4)
      bundler (~> 1.0)
      git (>= 1.2.5)
      rake
      rdoc
    json (1.7.5-java)
    rake (10.0.2)
    rcov (0.9.11-java)
    rdoc (3.12)
      json (~> 1.4)

PLATFORMS
  java

DEPENDENCIES
  jeweler
  rcov
