GEM
  specs:
    coderay (1.0.8)
    git (1.2.5)
    guard (1.5.4)
      listen (>= 0.4.2)
      lumberjack (>= 1.0.2)
      pry (>= 0.9.10)
      thor (>= 0.14.6)
    guard-minitest (0.5.0)
      guard (>= 0.4)
    jeweler (1.8.4)
      bundler (~> 1.0)
      git (>= 1.2.5)
      rake
      rdoc
    json (1.7.5-java)
    listen (0.5.3)
    lumberjack (1.0.2)
    method_source (0.8.1)
    multipart-post (1.1.5)
    pry (0.9.10-java)
      coderay (~> 1.0.5)
      method_source (~> 0.8)
      slop (~> 3.3.1)
      spoon (~> 0.0)
    rack (1.4.5)
    rake (10.0.3)
    rcov (0.9.11-java)
    rdoc (3.12)
      json (~> 1.4)
    slop (3.3.3)
    spoon (0.0.1)
    thor (0.16.0)

PLATFORMS
  java

DEPENDENCIES
  guard
  guard-minitest
  jeweler
  multipart-post
  pry
  rack (~> 1.4.1)
  rcov
  spoon
